GEM
  remote: https://rubygems.org/
  specs:
    choosy (0.4.10)
    ytools (0.3.1)
      choosy (>= 0.4.4)

PLATFORMS
  ruby

DEPENDENCIES
  choosy
  ytools
